PATH
  remote: .
  specs:
    activeexperiment-unleash (0.0.1)
      activeexperiment (>= 0.1.1.alpha)
      unleash (>= 4.4.1)

GEM
  remote: https://rubygems.org/
  specs:
    activeexperiment (0.1.1.alpha)
      activesupport (>= 7.0.4)
      globalid (>= 0.3.6)
    activesupport (7.0.4)
      concurrent-ruby (~> 1.0, >= 1.0.2)
      i18n (>= 1.6, < 2)
      minitest (>= 5.1)
      tzinfo (~> 2.0)
    ast (2.4.2)
    concurrent-ruby (1.1.10)
    docile (1.4.0)
    globalid (1.0.0)
      activesupport (>= 5.0)
    i18n (1.12.0)
      concurrent-ruby (~> 1.0)
    json (2.6.3)
    minitest (5.16.3)
    murmurhash3 (0.1.6)
    parallel (1.22.1)
    parser (3.1.3.0)
      ast (~> 2.4.1)
    psych (5.0.1)
      stringio
    rack (3.0.2)
    rainbow (3.1.1)
    rake (13.0.6)
    rdoc (6.5.0)
      psych (>= 4.0.0)
    regexp_parser (2.6.1)
    rexml (3.2.5)
    rubocop (1.40.0)
      json (~> 2.3)
      parallel (~> 1.10)
      parser (>= 3.1.2.1)
      rainbow (>= 2.2.2, < 4.0)
      regexp_parser (>= 1.8, < 3.0)
      rexml (>= 3.2.5, < 4.0)
      rubocop-ast (>= 1.23.0, < 2.0)
      ruby-progressbar (~> 1.7)
      unicode-display_width (>= 1.4.0, < 3.0)
    rubocop-ast (1.24.0)
      parser (>= 3.1.1.0)
    rubocop-minitest (0.25.0)
      rubocop (>= 0.90, < 2.0)
    rubocop-packaging (0.5.2)
      rubocop (>= 1.33, < 2.0)
    rubocop-performance (1.15.1)
      rubocop (>= 1.7.0, < 2.0)
      rubocop-ast (>= 0.4.0)
    rubocop-rails (2.17.3)
      activesupport (>= 4.2.0)
      rack (>= 1.1)
      rubocop (>= 1.33.0, < 2.0)
    ruby-progressbar (1.11.0)
    simplecov (0.21.2)
      docile (~> 1.1)
      simplecov-html (~> 0.11)
      simplecov_json_formatter (~> 0.1)
    simplecov-html (0.12.3)
    simplecov_json_formatter (0.1.4)
    stringio (3.0.4)
    tzinfo (2.0.5)
      concurrent-ruby (~> 1.0)
    unicode-display_width (2.3.0)
    unleash (4.4.1)
      murmurhash3 (~> 0.1.6)

PLATFORMS
  x86_64-darwin-21

DEPENDENCIES
  activeexperiment-unleash!
  minitest
  rake
  rdoc
  rubocop (>= 1.25.1)
  rubocop-minitest
  rubocop-packaging
  rubocop-performance
  rubocop-rails
  simplecov

BUNDLED WITH
   2.3.24
